GEM
  remote: https://rubygems.org/
  specs:
    actionpack (4.0.0.rc2)
      activesupport (= 4.0.0.rc2)
      builder (~> 3.1.0)
      erubis (~> 2.7.0)
      rack (~> 1.5.2)
      rack-test (~> 0.6.2)
    activesupport (4.0.0.rc2)
      i18n (~> 0.6, >= 0.6.4)
      minitest (~> 4.2)
      multi_json (~> 1.3)
      thread_safe (~> 0.1)
      tzinfo (~> 0.3.37)
    atomic (1.1.9)
    builder (3.1.4)
    diff-lcs (1.2.4)
    erubis (2.7.0)
    i18n (0.6.4)
    minitest (4.7.4)
    multi_json (1.7.6)
    rack (1.5.2)
    rack-test (0.6.2)
      rack (>= 1.0)
    rspec (2.13.0)
      rspec-core (~> 2.13.0)
      rspec-expectations (~> 2.13.0)
      rspec-mocks (~> 2.13.0)
    rspec-core (2.13.1)
    rspec-expectations (2.13.0)
      diff-lcs (>= 1.1.3, < 2.0)
    rspec-given (2.4.3)
      rspec (>= 2.12)
      sorcerer (>= 0.3.7)
    rspec-mocks (2.13.1)
    sequel (3.48.0)
    sorcerer (0.3.10)
    sqlite3 (1.3.7)
    thread_safe (0.1.0)
      atomic
    tzinfo (0.3.37)
    uri_template (0.5.3)

PLATFORMS
  ruby

DEPENDENCIES
  actionpack (~> 4.0.0.rc2)
  activesupport (~> 4.0.0.rc2)
  rack-test
  rspec-given
  sequel
  sqlite3
  uri_template
